GEM
  remote: https://rubygems.org/
  specs:
    google-protobuf (3.6.1)
    googleapis-common-protos-types (1.0.2)
      google-protobuf (~> 3.0)
    grpc (1.14.1)
      google-protobuf (~> 3.1)
      googleapis-common-protos-types (~> 1.0.0)
    grpc-tools (1.14.1)

PLATFORMS
  ruby

DEPENDENCIES
  grpc (~> 1.14)
  grpc-tools (~> 1.14)

BUNDLED WITH
   1.16.3
